PATH
  remote: .
  specs:
    cocoapods_debug (0.1.0)
      pry (~> 0.10.3)

GEM
  remote: https://rubygems.org/
  specs:
    activesupport (4.2.5.1)
      i18n (~> 0.7)
      json (~> 1.7, >= 1.7.7)
      minitest (~> 5.1)
      thread_safe (~> 0.3, >= 0.3.4)
      tzinfo (~> 1.1)
    ast (2.2.0)
    claide (1.0.0.beta.1)
    cocoapods (1.0.0.beta.4)
      activesupport (>= 4.0.2)
      claide (>= 1.0.0.beta.1, < 2.0)
      cocoapods-core (= 1.0.0.beta.4)
      cocoapods-deintegrate (>= 1.0.0.beta.1, < 2.0)
      cocoapods-downloader (>= 1.0.0.beta.1, < 2.0)
      cocoapods-plugins (>= 1.0.0.beta.1, < 2.0)
      cocoapods-search (>= 1.0.0.beta.1, < 2.0)
      cocoapods-stats (>= 1.0.0.beta.3, < 2.0)
      cocoapods-trunk (>= 1.0.0.beta.2, < 2.0)
      cocoapods-try (>= 1.0.0.beta.2, < 2.0)
      colored (~> 1.2)
      escape (~> 0.0.4)
      fourflusher (~> 0.3.0)
      molinillo (~> 0.4.3)
      nap (~> 1.0)
      xcodeproj (>= 1.0.0.beta.3, < 2.0)
    cocoapods-core (1.0.0.beta.4)
      activesupport (>= 4.0.2)
      fuzzy_match (~> 2.0.4)
      nap (~> 1.0)
    cocoapods-deintegrate (1.0.0.beta.1)
    cocoapods-downloader (1.0.0.beta.1)
    cocoapods-plugins (1.0.0.beta.1)
      nap
    cocoapods-search (1.0.0.beta.1)
    cocoapods-stats (1.0.0.beta.3)
    cocoapods-trunk (1.0.0.beta.2)
      nap (>= 0.8, < 2.0)
      netrc (= 0.7.8)
    cocoapods-try (1.0.0.beta.2)
    coderay (1.1.0)
    colored (1.2)
    diff-lcs (1.2.5)
    escape (0.0.4)
    fourflusher (0.3.0)
    fuzzy_match (2.0.4)
    i18n (0.7.0)
    json (1.8.3)
    method_source (0.8.2)
    minitest (5.8.4)
    molinillo (0.4.3)
    nap (1.1.0)
    netrc (0.7.8)
    parser (2.3.0.6)
      ast (~> 2.2)
    powerpack (0.1.1)
    pry (0.10.3)
      coderay (~> 1.1.0)
      method_source (~> 0.8.1)
      slop (~> 3.4)
    rainbow (2.1.0)
    rake (10.5.0)
    rspec (3.4.0)
      rspec-core (~> 3.4.0)
      rspec-expectations (~> 3.4.0)
      rspec-mocks (~> 3.4.0)
    rspec-core (3.4.3)
      rspec-support (~> 3.4.0)
    rspec-expectations (3.4.0)
      diff-lcs (>= 1.2.0, < 2.0)
      rspec-support (~> 3.4.0)
    rspec-mocks (3.4.1)
      diff-lcs (>= 1.2.0, < 2.0)
      rspec-support (~> 3.4.0)
    rspec-support (3.4.1)
    rubocop (0.37.2)
      parser (>= 2.3.0.4, < 3.0)
      powerpack (~> 0.1)
      rainbow (>= 1.99.1, < 3.0)
      ruby-progressbar (~> 1.7)
      unicode-display_width (~> 0.3)
    ruby-progressbar (1.7.5)
    slop (3.6.0)
    thread_safe (0.3.5)
    tzinfo (1.2.2)
      thread_safe (~> 0.1)
    unicode-display_width (0.3.1)
    xcodeproj (1.0.0.beta.3)
      activesupport (>= 3)
      claide (>= 1.0.0.beta.1, < 2.0)
      colored (~> 1.2)

PLATFORMS
  ruby

DEPENDENCIES
  bundler (~> 1.3)
  cocoapods (> 0.a)
  cocoapods_debug!
  rake
  rspec (~> 3.4)
  rubocop (~> 0.37.1)

BUNDLED WITH
   1.12.0.pre.1
